GEM
  remote: https://rubygems.org/
  specs:
    actioncable (7.0.4)
      actionpack (= 7.0.4)
      activesupport (= 7.0.4)
      nio4r (~> 2.0)
      websocket-driver (>= 0.6.1)
    actionmailbox (7.0.4)
      actionpack (= 7.0.4)
      activejob (= 7.0.4)
      activerecord (= 7.0.4)
      activestorage (= 7.0.4)
      activesupport (= 7.0.4)
      mail (>= 2.7.1)
      net-imap
      net-pop
      net-smtp
    actionmailer (7.0.4)
      actionpack (= 7.0.4)
      actionview (= 7.0.4)
      activejob (= 7.0.4)
      activesupport (= 7.0.4)
      mail (~> 2.5, >= 2.5.4)
      net-imap
      net-pop
      net-smtp
      rails-dom-testing (~> 2.0)
    actionpack (7.0.4)
      actionview (= 7.0.4)
      activesupport (= 7.0.4)
      rack (~> 2.0, >= 2.2.0)
      rack-test (>= 0.6.3)
      rails-dom-testing (~> 2.0)
      rails-html-sanitizer (~> 1.0, >= 1.2.0)
    actiontext (7.0.4)
      actionpack (= 7.0.4)
      activerecord (= 7.0.4)
      activestorage (= 7.0.4)
      activesupport (= 7.0.4)
      globalid (>= 0.6.0)
      nokogiri (>= 1.8.5)
    actionview (7.0.4)
      activesupport (= 7.0.4)
      builder (~> 3.1)
      erubi (~> 1.4)
      rails-dom-testing (~> 2.0)
      rails-html-sanitizer (~> 1.1, >= 1.2.0)
    activejob (7.0.4)
      activesupport (= 7.0.4)
      globalid (>= 0.3.6)
    activemodel (7.0.4)
      activesupport (= 7.0.4)
    activerecord (7.0.4)
      activemodel (= 7.0.4)
      activesupport (= 7.0.4)
    activestorage (7.0.4)
      actionpack (= 7.0.4)
      activejob (= 7.0.4)
      activerecord (= 7.0.4)
      activesupport (= 7.0.4)
      marcel (~> 1.0)
      mini_mime (>= 1.1.0)
    activesupport (7.0.4)
      concurrent-ruby (~> 1.0, >= 1.0.2)
      i18n (>= 1.6, < 2)
      minitest (>= 5.1)
      tzinfo (~> 2.0)
    addressable (2.8.6)
      public_suffix (>= 2.0.2, < 6.0)
    autoprefixer-rails (10.4.16.0)
      execjs (~> 2)
    base64 (0.2.0)
    bcrypt (3.1.20)
    bindex (0.8.1)
    bootsnap (1.7.7)
      msgpack (~> 1.0)
    bootstrap (4.4.1)
      autoprefixer-rails (>= 9.1.0)
      popper_js (>= 1.14.3, < 2)
      sassc-rails (>= 2.0.0)
    builder (3.2.4)
    capybara (3.40.0)
      addressable
      matrix
      mini_mime (>= 0.1.3)
      nokogiri (~> 1.11)
      rack (>= 1.6.0)
      rack-test (>= 0.6.3)
      regexp_parser (>= 1.5, < 3.0)
      xpath (~> 3.2)
    concurrent-ruby (1.2.3)
    connection_pool (2.4.1)
    crass (1.0.6)
    date (3.3.4)
    devise (4.9.3)
      bcrypt (~> 3.0)
      orm_adapter (~> 0.1)
      railties (>= 4.1.0)
      responders
      warden (~> 1.2.3)
    dotenv (3.1.0)
    dotenv-rails (3.1.0)
      dotenv (= 3.1.0)
      railties (>= 6.1)
    erubi (1.12.0)
    execjs (2.9.1)
    faraday (2.9.0)
      faraday-net_http (>= 2.0, < 3.2)
    faraday-net_http (3.1.0)
      net-http
    ffi (1.16.3)
    font-awesome-sass (4.4.0)
      sass (>= 3.2)
    globalid (1.2.1)
      activesupport (>= 6.1)
    haml (6.3.0)
      temple (>= 0.8.2)
      thor
      tilt
    haml-rails (2.1.0)
      actionpack (>= 5.1)
      activesupport (>= 5.1)
      haml (>= 4.0.6)
      railties (>= 5.1)
    hashie (5.0.0)
    i18n (1.14.4)
      concurrent-ruby (~> 1.0)
    jbuilder (2.11.5)
      actionview (>= 5.0.0)
      activesupport (>= 5.0.0)
    jquery-rails (4.6.0)
      rails-dom-testing (>= 1, < 3)
      railties (>= 4.2.0)
      thor (>= 0.14, < 2.0)
    jwt (2.8.1)
      base64
    listen (3.0.8)
      rb-fsevent (~> 0.9, >= 0.9.4)
      rb-inotify (~> 0.9, >= 0.9.7)
    loofah (2.22.0)
      crass (~> 1.0.2)
      nokogiri (>= 1.12.0)
    mail (2.8.1)
      mini_mime (>= 0.1.1)
      net-imap
      net-pop
      net-smtp
    marcel (1.0.4)
    matrix (0.4.2)
    method_source (1.0.0)
    mimemagic (0.3.10)
      nokogiri (~> 1)
      rake
    mini_mime (1.1.5)
    minitest (5.22.3)
    msgpack (1.7.2)
    multi_xml (0.6.0)
    net-http (0.4.1)
      uri
    net-imap (0.4.10)
      date
      net-protocol
    net-pop (0.1.2)
      net-protocol
    net-protocol (0.2.2)
      timeout
    net-smtp (0.4.0.1)
      net-protocol
    nio4r (2.7.0)
    nokogiri (1.16.2-aarch64-linux)
      racc (~> 1.4)
    nokogiri (1.16.2-arm-linux)
      racc (~> 1.4)
    nokogiri (1.16.2-arm64-darwin)
      racc (~> 1.4)
    nokogiri (1.16.2-x86-linux)
      racc (~> 1.4)
    nokogiri (1.16.2-x86_64-darwin)
      racc (~> 1.4)
    nokogiri (1.16.2-x86_64-linux)
      racc (~> 1.4)
    oauth2 (2.0.9)
      faraday (>= 0.17.3, < 3.0)
      jwt (>= 1.0, < 3.0)
      multi_xml (~> 0.5)
      rack (>= 1.2, < 4)
      snaky_hash (~> 2.0)
      version_gem (~> 1.1)
    omniauth (2.1.2)
      hashie (>= 3.4.6)
      rack (>= 2.2.3)
      rack-protection
    omniauth-facebook (4.0.0)
      omniauth-oauth2 (~> 1.2)
    omniauth-google-oauth2 (1.1.1)
      jwt (>= 2.0)
      oauth2 (~> 2.0.6)
      omniauth (~> 2.0)
      omniauth-oauth2 (~> 1.8.0)
    omniauth-oauth2 (1.8.0)
      oauth2 (>= 1.4, < 3)
      omniauth (~> 2.0)
    omniauth-rails_csrf_protection (1.0.1)
      actionpack (>= 4.2)
      omniauth (~> 2.0)
    orm_adapter (0.5.0)
    pg (1.5.6)
    popper_js (1.16.1)
    public_suffix (5.0.4)
    puma (4.3.12)
      nio4r (~> 2.0)
    racc (1.7.3)
    rack (2.2.8.1)
    rack-cors (2.0.2)
      rack (>= 2.0.0)
    rack-protection (3.2.0)
      base64 (>= 0.1.0)
      rack (~> 2.2, >= 2.2.4)
    rack-proxy (0.7.7)
      rack
    rack-test (2.1.0)
      rack (>= 1.3)
    rails (7.0.4)
      actioncable (= 7.0.4)
      actionmailbox (= 7.0.4)
      actionmailer (= 7.0.4)
      actionpack (= 7.0.4)
      actiontext (= 7.0.4)
      actionview (= 7.0.4)
      activejob (= 7.0.4)
      activemodel (= 7.0.4)
      activerecord (= 7.0.4)
      activestorage (= 7.0.4)
      activesupport (= 7.0.4)
      bundler (>= 1.15.0)
      railties (= 7.0.4)
    rails-dom-testing (2.2.0)
      activesupport (>= 5.0.0)
      minitest
      nokogiri (>= 1.6)
    rails-html-sanitizer (1.6.0)
      loofah (~> 2.21)
      nokogiri (~> 1.14)
    railties (7.0.4)
      actionpack (= 7.0.4)
      activesupport (= 7.0.4)
      method_source
      rake (>= 12.2)
      thor (~> 1.0)
      zeitwerk (~> 2.5)
    rake (13.1.0)
    rb-fsevent (0.11.2)
    rb-inotify (0.10.1)
      ffi (~> 1.0)
    redis (4.8.1)
    redis-client (0.21.0)
      connection_pool
    regexp_parser (2.9.0)
    responders (3.1.1)
      actionpack (>= 5.2)
      railties (>= 5.2)
    rexml (3.2.6)
    rubyzip (2.3.2)
    sass (3.7.4)
      sass-listen (~> 4.0.0)
    sass-listen (4.0.0)
      rb-fsevent (~> 0.9, >= 0.9.4)
      rb-inotify (~> 0.9, >= 0.9.7)
    sass-rails (6.0.0)
      sassc-rails (~> 2.1, >= 2.1.1)
    sassc (2.4.0)
      ffi (~> 1.9)
    sassc-rails (2.1.2)
      railties (>= 4.0.0)
      sassc (>= 2.0)
      sprockets (> 3.0)
      sprockets-rails
      tilt
    selenium-webdriver (4.10.0)
      rexml (~> 3.2, >= 3.2.5)
      rubyzip (>= 1.2.2, < 3.0)
      websocket (~> 1.0)
    semantic_range (3.0.0)
    sidekiq (7.2.2)
      concurrent-ruby (< 2)
      connection_pool (>= 2.3.0)
      rack (>= 2.2.4)
      redis-client (>= 0.19.0)
    snaky_hash (2.0.1)
      hashie
      version_gem (~> 1.1, >= 1.1.1)
    spring (4.1.3)
    sprockets (3.7.2)
      concurrent-ruby (~> 1.0)
      rack (> 1, < 3)
    sprockets-rails (3.4.2)
      actionpack (>= 5.2)
      activesupport (>= 5.2)
      sprockets (>= 3.0.0)
    temple (0.10.3)
    thor (1.3.1)
    tilt (2.3.0)
    timeout (0.4.1)
    tzinfo (2.0.6)
      concurrent-ruby (~> 1.0)
    tzinfo-data (1.2024.1)
      tzinfo (>= 1.0.0)
    uri (0.13.0)
    version_gem (1.1.3)
    warden (1.2.9)
      rack (>= 2.0.9)
    web-console (4.2.1)
      actionview (>= 6.0.0)
      activemodel (>= 6.0.0)
      bindex (>= 0.4.0)
      railties (>= 6.0.0)
    webdrivers (5.3.1)
      nokogiri (~> 1.6)
      rubyzip (>= 1.3.0)
      selenium-webdriver (~> 4.0, < 4.11)
    webpacker (5.4.4)
      activesupport (>= 5.2)
      rack-proxy (>= 0.6.1)
      railties (>= 5.2)
      semantic_range (>= 2.3.0)
    websocket (1.2.10)
    websocket-driver (0.7.6)
      websocket-extensions (>= 0.1.0)
    websocket-extensions (0.1.5)
    xpath (3.2.0)
      nokogiri (~> 1.8)
    zeitwerk (2.6.13)

PLATFORMS
  aarch64-linux
  arm-linux
  arm64-darwin
  x86-linux
  x86_64-darwin
  x86_64-linux

DEPENDENCIES
  bootsnap (~> 1.7.4)
  bootstrap (~> 4.4.1)
  capybara (>= 2.15)
  devise
  dotenv-rails
  font-awesome-sass (~> 4.4.0)
  haml-rails
  jbuilder
  jquery-rails
  listen (>= 3.0.5, < 3.2)
  mimemagic (~> 0.3.10)
  omniauth
  omniauth-facebook (~> 4.0)
  omniauth-google-oauth2
  omniauth-rails_csrf_protection
  pg (>= 0.18, < 2.0)
  puma (~> 4.1)
  rack-cors
  rails (= 7.0.4)
  redis (~> 4.0)
  sass-rails (>= 6)
  selenium-webdriver
  sidekiq
  spring
  sprockets (~> 3.7.2)
  tzinfo-data
  web-console (>= 3.3.0)
  webdrivers
  webpacker

RUBY VERSION
   ruby 3.3.0p0

BUNDLED WITH
   2.5.6
